#bundle install
#   Gemfile.lock
#     should exist after running `bundle install`

GEM
  remote: https://rubygems.org/
  specs:

PLATFORMS
  ruby

DEPENDENCIES

BUNDLED WITH
   2.0.1
